GIT
  remote: git://github.com/rack/rack-contrib
  revision: b7e7c38fd02c3b5da91aa57af78b3f571c6ebcd0
  specs:
    rack-contrib (1.1.0)
      rack (>= 0.9.1)

GIT
  remote: git://github.com/rkh/gh
  revision: 907f35326579495a54c7ee2b030b6292d2e5d9ef
  specs:
    gh (0.8.0)
      addressable
      backports (~> 2.3)
      faraday (~> 0.8)
      multi_json (~> 1.0)
      net-http-persistent (>= 2.7)
      net-http-pipeline

GIT
  remote: git://github.com/roidrage/hubble
  revision: 5220415d5542a2868d54f7be9f35fc1d66126b8e
  specs:
    hubble (0.1.2)
      json (~> 1.6.5)

GIT
  remote: git://github.com/travis-ci/travis-core
  revision: 8a2ed18063ddcf8da01a5bb7620bab67ca6abb2b
  specs:
    travis-core (0.0.1)
      actionmailer (~> 3.2.3)
      activerecord (~> 3.2.3)
      data_migrations (~> 0.0.1)
      gh
      hashr (~> 0.0.19)
      metriks (~> 0.9.7)
      multi_json
      postmark-rails (~> 0.4.1)
      pusher (~> 0.9.2)
      railties (~> 3.2.3)
      rake (~> 0.9.2.2)
      redis (~> 3.0)
      rollout (~> 1.1.0)
      simple_states (~> 0.1.1)
      thor (~> 0.14.6)

GIT
  remote: git://github.com/travis-ci/travis-support
  revision: 27857bb4f5425b8aacc9b26e4661688dca962fb0
  specs:
    travis-support (0.0.1)

GIT
  remote: https://github.com/livingsocial/rake-pipeline.git
  revision: 9008ba072c7a97f4c730e779358e8a0ad7b8d194
  specs:
    rake-pipeline (0.6.0)
      rake (~> 0.9.0)
      thor

GIT
  remote: https://github.com/travis-ci/travis-assets
  revision: f6556bbff2d9b39d8706f24b573b9f0a3351db92
  specs:
    travis-assets (0.0.1)

GIT
  remote: https://github.com/wycats/rake-pipeline-web-filters.git
  revision: 51915f60889fbf54fc2e81b86b594bf4c7be4ea5
  specs:
    rake-pipeline-web-filters (0.6.0)
      rack
      rake-pipeline (~> 0.6)

GEM
  remote: http://rubygems.org/
  specs:
    actionmailer (3.2.7)
      actionpack (= 3.2.7)
      mail (~> 2.4.4)
    actionpack (3.2.7)
      activemodel (= 3.2.7)
      activesupport (= 3.2.7)
      builder (~> 3.0.0)
      erubis (~> 2.7.0)
      journey (~> 1.0.4)
      rack (~> 1.4.0)
      rack-cache (~> 1.2)
      rack-test (~> 0.6.1)
      sprockets (~> 2.1.3)
    activemodel (3.2.7)
      activesupport (= 3.2.7)
      builder (~> 3.0.0)
    activerecord (3.2.7)
      activemodel (= 3.2.7)
      activesupport (= 3.2.7)
      arel (~> 3.0.2)
      tzinfo (~> 0.3.29)
    activeresource (3.2.7)
      activemodel (= 3.2.7)
      activesupport (= 3.2.7)
    activesupport (3.2.7)
      i18n (~> 0.6)
      multi_json (~> 1.0)
    addressable (2.3.2)
    arel (3.0.2)
    atomic (1.0.1)
    avl_tree (1.1.3)
    backports (2.3.0)
    bcrypt-ruby (3.0.1)
    builder (3.0.0)
    bunny (0.8.0)
    capybara (1.1.2)
      mime-types (>= 1.16)
      nokogiri (>= 1.3.3)
      rack (>= 1.0.0)
      rack-test (>= 0.5.4)
      selenium-webdriver (~> 2.0)
      xpath (~> 0.1.4)
    childprocess (0.3.5)
      ffi (~> 1.0, >= 1.0.6)
    chunky_png (1.2.6)
    coffee-script (2.2.0)
      coffee-script-source
      execjs
    coffee-script-source (1.3.3)
    compass (0.12.2)
      chunky_png (~> 1.2)
      fssm (>= 0.2.7)
      sass (~> 3.1)
    crack (0.3.1)
    daemons (1.1.8)
    data_migrations (0.0.1)
      activerecord
      rake
    database_cleaner (0.7.2)
    devise (2.0.4)
      bcrypt-ruby (~> 3.0)
      orm_adapter (~> 0.0.3)
      railties (~> 3.1)
      warden (~> 1.1.1)
    diff-lcs (1.1.3)
    erubis (2.7.0)
    eventmachine (0.12.10)
    execjs (1.3.0)
      multi_json (~> 1.0)
    factory_girl (2.4.2)
      activesupport
    faraday (0.8.4)
      multipart-post (~> 1.1)
    ffi (1.1.4)
    foreman (0.36.1)
      term-ansicolor (~> 1.0.7)
      thor (>= 0.13.6)
    forgery (0.5.0)
    fssm (0.2.9)
    hashie (1.2.0)
    hashr (0.0.22)
    hike (1.2.1)
    hitimes (1.1.1)
    http_accept_language (1.0.2)
    httpauth (0.1)
    i18n (0.6.0)
    journey (1.0.4)
    json (1.6.7)
    kgio (2.7.4)
    libwebsocket (0.1.5)
      addressable
    lograge (0.0.6)
      actionpack
      activesupport
    mail (2.4.4)
      i18n (>= 0.4.0)
      mime-types (~> 1.16)
      treetop (~> 1.4.8)
    metaclass (0.0.1)
    metriks (0.9.9.1)
      atomic (~> 1.0)
      avl_tree (~> 1.1.2)
      hitimes (~> 1.1)
    mime-types (1.19)
    mocha (0.10.5)
      metaclass (~> 0.0.1)
    multi_json (1.3.6)
    multipart-post (1.1.5)
    net-http-persistent (2.7)
    net-http-pipeline (1.0.1)
    newrelic_rpm (3.3.5)
    nokogiri (1.5.5)
    oauth2 (0.6.1)
      faraday (~> 0.7)
      httpauth (~> 0.1)
      multi_json (~> 1.3)
    omniauth (1.1.0)
      hashie (~> 1.2)
      rack
    omniauth-github (1.0.1)
      omniauth (~> 1.0)
      omniauth-oauth2 (~> 1.0)
    omniauth-oauth2 (1.0.2)
      oauth2 (~> 0.6.0)
      omniauth (~> 1.0)
    orm_adapter (0.0.7)
    pg (0.13.2)
    polyglot (0.3.3)
    postmark (0.9.12)
      json
      rake
    postmark-rails (0.4.1)
      actionmailer
      postmark (>= 0.9.0)
      rake
    pusher (0.9.4)
      multi_json (~> 1.0)
      signature (~> 0.1.2)
    rack (1.4.1)
    rack-cache (1.2)
      rack (>= 0.4)
    rack-ssl (1.3.2)
      rack
    rack-test (0.6.1)
      rack (>= 1.0)
    rails (3.2.7)
      actionmailer (= 3.2.7)
      actionpack (= 3.2.7)
      activerecord (= 3.2.7)
      activeresource (= 3.2.7)
      activesupport (= 3.2.7)
      bundler (~> 1.0)
      railties (= 3.2.7)
    railties (3.2.7)
      actionpack (= 3.2.7)
      activesupport (= 3.2.7)
      rack-ssl (~> 1.3.2)
      rake (>= 0.8.7)
      rdoc (~> 3.4)
      thor (>= 0.14.6, < 2.0)
    raindrops (0.10.0)
    rake (0.9.2.2)
    rdoc (3.12)
      json (~> 1.4)
    redis (3.0.1)
    refraction (0.2.0)
    rollout (1.1.0)
    rspec (2.10.0)
      rspec-core (~> 2.10.0)
      rspec-expectations (~> 2.10.0)
      rspec-mocks (~> 2.10.0)
    rspec-core (2.10.1)
    rspec-expectations (2.10.0)
      diff-lcs (~> 1.1.3)
    rspec-mocks (2.10.1)
    rspec-rails (2.10.1)
      actionpack (>= 3.0)
      activesupport (>= 3.0)
      railties (>= 3.0)
      rspec (~> 2.10.0)
    rubyzip (0.9.9)
    sass (3.1.20)
    selenium-webdriver (2.25.0)
      childprocess (>= 0.2.5)
      libwebsocket (~> 0.1.3)
      multi_json (~> 1.0)
      rubyzip
    signature (0.1.4)
    simple_states (0.1.1)
      activesupport
      hashr (~> 0.0.10)
    sprockets (2.1.3)
      hike (~> 1.2)
      rack (~> 1.0)
      tilt (~> 1.1, != 1.3.0)
    term-ansicolor (1.0.7)
    thin (1.3.1)
      daemons (>= 1.0.9)
      eventmachine (>= 0.12.6)
      rack (>= 1.0.0)
    thor (0.14.6)
    tilt (1.3.3)
    treetop (1.4.10)
      polyglot
      polyglot (>= 0.3.1)
    tzinfo (0.3.33)
    unicorn (4.1.1)
      kgio (~> 2.4)
      rack
      raindrops (~> 0.6)
    unobtrusive_flash (0.0.2)
    versionist (0.2.4)
      rails (~> 3.0)
      yard (~> 0.7)
    warden (1.1.1)
      rack (>= 1.0)
    webmock (1.7.10)
      addressable (~> 2.2, > 2.2.5)
      crack (>= 0.1.7)
    xpath (0.1.4)
      nokogiri (~> 1.3)
    yajl-ruby (1.1.0)
    yard (0.8.2.1)

PLATFORMS
  ruby

DEPENDENCIES
  backports (~> 2.3.0)
  bunny
  capybara (~> 1.1.2)
  coffee-script
  compass
  database_cleaner (~> 0.7.0)
  devise (~> 2.0.4)
  execjs (= 1.3.0)
  factory_girl (~> 2.4.0)
  foreman (~> 0.36.0)
  forgery (~> 0.5.0)
  gh!
  http_accept_language (~> 1.0.2)
  hubble!
  json (~> 1.6.3)
  lograge (~> 0.0.4)
  mocha (~> 0.10.0)
  newrelic_rpm (~> 3.3.0)
  oauth2 (= 0.6.1)
  omniauth-github (= 1.0.1)
  omniauth-oauth2 (= 1.0.2)
  pg (~> 0.13.2)
  rack-contrib!
  rails (~> 3.2.3)
  rake (~> 0.9.2.2)
  rake-pipeline!
  rake-pipeline-web-filters!
  refraction (~> 0.2.0)
  rspec-rails (~> 2.10.0)
  thin (~> 1.3.1)
  travis-assets!
  travis-core!
  travis-support!
  unicorn (~> 4.1.1)
  unobtrusive_flash (~> 0.0.2)
  versionist (~> 0.2.0)
  webmock (~> 1.7.7)
  yajl-ruby (~> 1.1.0)
