GIT
  remote: git://github.com/mattmatt/hubble
  revision: 5220415d5542a2868d54f7be9f35fc1d66126b8e
  specs:
    hubble (0.1.2)
      json (~> 1.6.5)

GIT
  remote: git://github.com/rack/rack-contrib
  revision: 451f029857d655c4a37012564eb49665d2f9313a
  specs:
    rack-contrib (1.1.0)
      rack (>= 0.9.1)

GIT
  remote: git://github.com/rkh/gh
  revision: 629e9025e777a031751ac1e03ca44bba467e4a78
  specs:
    gh (0.3.0)
      addressable
      backports (~> 2.3)
      faraday (~> 0.8)
      multi_json (~> 1.0)

GIT
  remote: git://github.com/travis-ci/travis-core
  revision: 851aec4361f582fad17f14eb7202cd7782eae7ed
  specs:
    travis-core (0.0.1)
      actionmailer (~> 3.2.3)
      activerecord (~> 3.2.3)
      data_migrations (~> 0.0.1)
      gh
      hashr (~> 0.0.19)
      metriks (~> 0.9.7)
      octokit (~> 1.1.0)
      postmark-rails (~> 0.4.1)
      pusher (~> 0.9.2)
      railties (~> 3.2.3)
      rake (~> 0.9.2.2)
      redis (~> 2.2.2)
      rollout (~> 1.1.0)
      simple_states (~> 0.1.1)
      thor (~> 0.14.6)

GIT
  remote: git://github.com/travis-ci/travis-support
  revision: 2ce181a445127b280a3ff2551d57300baeaad210
  specs:
    travis-support (0.0.1)

GIT
  remote: https://github.com/livingsocial/rake-pipeline.git
  revision: 543f4322fe70facee9572d29ddabf7f090dad68a
  specs:
    rake-pipeline (0.6.0)
      rake (~> 0.9.0)
      thor

GIT
  remote: https://github.com/travis-ci/travis-assets
  revision: 40892ef38495341de4eb6ffecdc0f4d276106d28
  specs:
    travis-assets (0.0.1)

GIT
  remote: https://github.com/wycats/rake-pipeline-web-filters.git
  revision: ba0b8a00356b4c854930a8e849b5629d51ffd70f
  specs:
    rake-pipeline-web-filters (0.6.0)
      rack
      rake-pipeline (~> 0.6)

GEM
  remote: http://rubygems.org/
  specs:
    actionmailer (3.2.3)
      actionpack (= 3.2.3)
      mail (~> 2.4.4)
    actionpack (3.2.3)
      activemodel (= 3.2.3)
      activesupport (= 3.2.3)
      builder (~> 3.0.0)
      erubis (~> 2.7.0)
      journey (~> 1.0.1)
      rack (~> 1.4.0)
      rack-cache (~> 1.2)
      rack-test (~> 0.6.1)
      sprockets (~> 2.1.2)
    activemodel (3.2.3)
      activesupport (= 3.2.3)
      builder (~> 3.0.0)
    activerecord (3.2.3)
      activemodel (= 3.2.3)
      activesupport (= 3.2.3)
      arel (~> 3.0.2)
      tzinfo (~> 0.3.29)
    activeresource (3.2.3)
      activemodel (= 3.2.3)
      activesupport (= 3.2.3)
    activesupport (3.2.3)
      i18n (~> 0.6)
      multi_json (~> 1.0)
    addressable (2.2.8)
    archive-tar-minitar (0.5.2)
    arel (3.0.2)
    atomic (1.0.1)
    avl_tree (1.1.3)
    backports (2.3.0)
    bcrypt-ruby (3.0.1)
    builder (3.0.0)
    bunny (0.7.9)
    capybara (1.1.2)
      mime-types (>= 1.16)
      nokogiri (>= 1.3.3)
      rack (>= 1.0.0)
      rack-test (>= 0.5.4)
      selenium-webdriver (~> 2.0)
      xpath (~> 0.1.4)
    childprocess (0.3.2)
      ffi (~> 1.0.6)
    chunky_png (1.2.5)
    coffee-script (2.2.0)
      coffee-script-source
      execjs
    coffee-script-source (1.3.2)
    columnize (0.3.6)
    compass (0.12.1)
      chunky_png (~> 1.2)
      fssm (>= 0.2.7)
      sass (~> 3.1)
    crack (0.3.1)
    daemons (1.1.8)
    data_migrations (0.0.1)
      activerecord
      rake
    database_cleaner (0.7.2)
    devise (2.0.4)
      bcrypt-ruby (~> 3.0)
      orm_adapter (~> 0.0.3)
      railties (~> 3.1)
      warden (~> 1.1.1)
    diff-lcs (1.1.3)
    erubis (2.7.0)
    eventmachine (0.12.10)
    execjs (1.3.0)
      multi_json (~> 1.0)
    factory_girl (2.4.2)
      activesupport
    faraday (0.8.0)
      multipart-post (~> 1.1)
    faraday_middleware (0.8.7)
      faraday (>= 0.7.4, < 0.9)
    ffi (1.0.11)
    foreman (0.36.1)
      term-ansicolor (~> 1.0.7)
      thor (>= 0.13.6)
    forgery (0.5.0)
    fssm (0.2.9)
    hashie (1.2.0)
    hashr (0.0.21)
    hike (1.2.1)
    hitimes (1.1.1)
    http_accept_language (1.0.2)
    httpauth (0.1)
    i18n (0.6.0)
    journey (1.0.3)
    json (1.6.7)
    kgio (2.7.4)
    libwebsocket (0.1.3)
      addressable
    linecache19 (0.5.12)
      ruby_core_source (>= 0.1.4)
    lograge (0.0.4)
      actionpack
      activesupport
    mail (2.4.4)
      i18n (>= 0.4.0)
      mime-types (~> 1.16)
      treetop (~> 1.4.8)
    metaclass (0.0.1)
    metriks (0.9.8.3)
      atomic (~> 1.0)
      avl_tree (~> 1.1.2)
      hitimes (~> 1.1)
    mime-types (1.18)
    mocha (0.10.5)
      metaclass (~> 0.0.1)
    multi_json (1.3.5)
    multipart-post (1.1.5)
    newrelic_rpm (3.3.4.1)
    nokogiri (1.5.2)
    oauth2 (0.6.1)
      faraday (~> 0.7)
      httpauth (~> 0.1)
      multi_json (~> 1.3)
    octokit (1.1.0)
      addressable (~> 2.2)
      faraday (~> 0.8)
      faraday_middleware (~> 0.8)
      hashie (~> 1.2)
      multi_json (~> 1.3)
    omniauth (1.1.0)
      hashie (~> 1.2)
      rack
    omniauth-github (1.0.1)
      omniauth (~> 1.0)
      omniauth-oauth2 (~> 1.0)
    omniauth-oauth2 (1.0.2)
      oauth2 (~> 0.6.0)
      omniauth (~> 1.0)
    orm_adapter (0.0.7)
    pg (0.13.2)
    polyglot (0.3.3)
    postmark (0.9.10)
    postmark-rails (0.4.1)
      actionmailer
      postmark (>= 0.9.0)
      rake
    pusher (0.9.3)
      multi_json (~> 1.0)
      signature (~> 0.1.2)
    rack (1.4.1)
    rack-cache (1.2)
      rack (>= 0.4)
    rack-ssl (1.3.2)
      rack
    rack-test (0.6.1)
      rack (>= 1.0)
    rails (3.2.3)
      actionmailer (= 3.2.3)
      actionpack (= 3.2.3)
      activerecord (= 3.2.3)
      activeresource (= 3.2.3)
      activesupport (= 3.2.3)
      bundler (~> 1.0)
      railties (= 3.2.3)
    railties (3.2.3)
      actionpack (= 3.2.3)
      activesupport (= 3.2.3)
      rack-ssl (~> 1.3.2)
      rake (>= 0.8.7)
      rdoc (~> 3.4)
      thor (~> 0.14.6)
    raindrops (0.8.1)
    rake (0.9.2.2)
    rdoc (3.12)
      json (~> 1.4)
    redis (2.2.2)
    refraction (0.2.0)
    rollout (1.1.0)
    rspec (2.8.0)
      rspec-core (~> 2.8.0)
      rspec-expectations (~> 2.8.0)
      rspec-mocks (~> 2.8.0)
    rspec-core (2.8.0)
    rspec-expectations (2.8.0)
      diff-lcs (~> 1.1.2)
    rspec-mocks (2.8.0)
    rspec-rails (2.8.1)
      actionpack (>= 3.0)
      activesupport (>= 3.0)
      railties (>= 3.0)
      rspec (~> 2.8.0)
    ruby-debug-base19 (0.11.25)
      columnize (>= 0.3.1)
      linecache19 (>= 0.5.11)
      ruby_core_source (>= 0.1.4)
    ruby-debug19 (0.11.6)
      columnize (>= 0.3.1)
      linecache19 (>= 0.5.11)
      ruby-debug-base19 (>= 0.11.19)
    ruby_core_source (0.1.5)
      archive-tar-minitar (>= 0.5.2)
    rubyzip (0.9.8)
    sass (3.1.18)
    selenium-webdriver (2.21.2)
      childprocess (>= 0.2.5)
      ffi (~> 1.0)
      libwebsocket (~> 0.1.3)
      multi_json (~> 1.0)
      rubyzip
    signature (0.1.3)
    simple_states (0.1.1)
      activesupport
      hashr (~> 0.0.10)
    sprockets (2.1.3)
      hike (~> 1.2)
      rack (~> 1.0)
      tilt (~> 1.1, != 1.3.0)
    term-ansicolor (1.0.7)
    thin (1.3.1)
      daemons (>= 1.0.9)
      eventmachine (>= 0.12.6)
      rack (>= 1.0.0)
    thor (0.14.6)
    tilt (1.3.3)
    treetop (1.4.10)
      polyglot
      polyglot (>= 0.3.1)
    tzinfo (0.3.33)
    unicorn (4.1.1)
      kgio (~> 2.4)
      rack
      raindrops (~> 0.6)
    unobtrusive_flash (0.0.2)
    warden (1.1.1)
      rack (>= 1.0)
    webmock (1.7.10)
      addressable (~> 2.2, > 2.2.5)
      crack (>= 0.1.7)
    xpath (0.1.4)
      nokogiri (~> 1.3)
    yajl-ruby (1.1.0)

PLATFORMS
  ruby

DEPENDENCIES
  backports (~> 2.3.0)
  bunny (~> 0.7.9)
  capybara (~> 1.1.2)
  coffee-script
  compass
  database_cleaner (~> 0.7.0)
  devise (~> 2.0.4)
  execjs (= 1.3.0)
  factory_girl (~> 2.4.0)
  foreman (~> 0.36.0)
  forgery (~> 0.5.0)
  gh!
  http_accept_language (~> 1.0.2)
  hubble!
  json (~> 1.6.3)
  lograge (~> 0.0.4)
  mocha (~> 0.10.0)
  newrelic_rpm (~> 3.3.0)
  omniauth-github (~> 1.0.1)
  pg (~> 0.13.2)
  rack-contrib!
  rails (~> 3.2.3)
  rake (~> 0.9.2.2)
  rake-pipeline!
  rake-pipeline-web-filters!
  refraction (~> 0.2.0)
  rspec-rails (~> 2.8.0)
  ruby-debug19
  thin (~> 1.3.1)
  travis-assets!
  travis-core!
  travis-support!
  unicorn (~> 4.1.1)
  unobtrusive_flash (~> 0.0.2)
  webmock (~> 1.7.7)
  yajl-ruby (~> 1.1.0)
