GIT
  remote: git://github.com/rack/rack-contrib
  revision: b7e7c38fd02c3b5da91aa57af78b3f571c6ebcd0
  specs:
    rack-contrib (1.1.0)
      rack (>= 0.9.1)

GIT
  remote: git://github.com/rkh/gh
  revision: 5587a66320f5c2297963590ed68284054624c741
  specs:
    gh (0.9.0)
      addressable
      backports (~> 2.3)
      faraday (~> 0.8)
      multi_json (~> 1.0)
      net-http-persistent (>= 2.7)
      net-http-pipeline

GIT
  remote: git://github.com/roidrage/hubble
  revision: f5e6301ac24eabeebaf8f4485d71cdcf93b2f3f8
  specs:
    hubble (0.1.2)
      faraday
      json (~> 1.6)

GIT
  remote: git://github.com/travis-ci/travis-core
  revision: ef4e7c79211e5f0cca022c6612e0a536c7354bce
  specs:
    travis-core (0.0.1)
      actionmailer (~> 3.2.3)
      activerecord (~> 3.2.3)
      data_migrations (~> 0.0.1)
      gh
      hashr (~> 0.0.19)
      metriks (~> 0.9.7)
      multi_json
      postmark-rails (~> 0.4.1)
      pusher (~> 0.9.2)
      railties (~> 3.2.3)
      rake (~> 0.9.2.2)
      redis (~> 3.0)
      rollout (~> 1.1.0)
      simple_states (~> 0.1.1)
      thor (~> 0.14.6)

GIT
  remote: git://github.com/travis-ci/travis-sidekiqs.git
  revision: 3141f95b3ef38146897a494f3bfa14c1bb02b6c9
  specs:
    travis-sidekiqs (0.0.1)
      sentry-raven
      sidekiq (~> 2.5.0)

GIT
  remote: git://github.com/travis-ci/travis-support
  revision: f78d9161369f574f12b9c0c0dbfe13b997766bdd
  specs:
    travis-support (0.0.1)

GIT
  remote: https://github.com/livingsocial/rake-pipeline.git
  revision: ae0795842a8958934d872a005d18b16161aa05fe
  specs:
    rake-pipeline (0.8.0)
      json
      rake (~> 0.9.0)
      thor

GIT
  remote: https://github.com/travis-ci/travis-assets
  revision: 60cd757014703bdea3428f8617f654e9ef07eb36
  specs:
    travis-assets (0.0.1)

GIT
  remote: https://github.com/wycats/rake-pipeline-web-filters.git
  revision: 2cfe4e71b23086d86dcc67c16ccaee5796e3c946
  specs:
    rake-pipeline-web-filters (0.6.0)
      rack
      rake-pipeline (~> 0.6)

GEM
  remote: http://rubygems.org/
  specs:
    actionmailer (3.2.8)
      actionpack (= 3.2.8)
      mail (~> 2.4.4)
    actionpack (3.2.8)
      activemodel (= 3.2.8)
      activesupport (= 3.2.8)
      builder (~> 3.0.0)
      erubis (~> 2.7.0)
      journey (~> 1.0.4)
      rack (~> 1.4.0)
      rack-cache (~> 1.2)
      rack-test (~> 0.6.1)
      sprockets (~> 2.1.3)
    activemodel (3.2.8)
      activesupport (= 3.2.8)
      builder (~> 3.0.0)
    activerecord (3.2.8)
      activemodel (= 3.2.8)
      activesupport (= 3.2.8)
      arel (~> 3.0.2)
      tzinfo (~> 0.3.29)
    activeresource (3.2.8)
      activemodel (= 3.2.8)
      activesupport (= 3.2.8)
    activesupport (3.2.8)
      i18n (~> 0.6)
      multi_json (~> 1.0)
    addressable (2.3.2)
    arel (3.0.2)
    atomic (1.0.1)
    avl_tree (1.1.3)
    backports (2.3.0)
    bcrypt-ruby (3.0.1)
    builder (3.0.4)
    bunny (0.8.0)
    capybara (1.1.3)
      mime-types (>= 1.16)
      nokogiri (>= 1.3.3)
      rack (>= 1.0.0)
      rack-test (>= 0.5.4)
      selenium-webdriver (~> 2.0)
      xpath (~> 0.1.4)
    celluloid (0.12.3)
      facter (>= 1.6.12)
      timers (>= 1.0.0)
    childprocess (0.3.6)
      ffi (~> 1.0, >= 1.0.6)
    chunky_png (1.2.6)
    coderay (1.0.8)
    coffee-script (2.2.0)
      coffee-script-source
      execjs
    coffee-script-source (1.4.0)
    compass (0.12.2)
      chunky_png (~> 1.2)
      fssm (>= 0.2.7)
      sass (~> 3.1)
    connection_pool (0.9.2)
    crack (0.3.1)
    daemons (1.1.9)
    data_migrations (0.0.1)
      activerecord
      rake
    database_cleaner (0.7.2)
    devise (2.0.4)
      bcrypt-ruby (~> 3.0)
      orm_adapter (~> 0.0.3)
      railties (~> 3.1)
      warden (~> 1.1.1)
    diff-lcs (1.1.3)
    erubis (2.7.0)
    eventmachine (1.0.0)
    execjs (1.3.0)
      multi_json (~> 1.0)
    facter (1.6.13)
    factory_girl (2.4.2)
      activesupport
    faraday (0.8.4)
      multipart-post (~> 1.1)
    ffi (1.1.5)
    foreman (0.36.1)
      term-ansicolor (~> 1.0.7)
      thor (>= 0.13.6)
    forgery (0.5.0)
    fssm (0.2.9)
    guard (1.5.3)
      listen (>= 0.4.2)
      lumberjack (>= 1.0.2)
      pry (>= 0.9.10)
      thor (>= 0.14.6)
    guard-rspec (1.2.1)
      guard (>= 1.1)
    hashie (1.2.0)
    hashr (0.0.22)
    hike (1.2.1)
    hitimes (1.1.1)
    http_accept_language (1.0.2)
    httpauth (0.2.0)
    i18n (0.6.1)
    journey (1.0.4)
    json (1.6.7)
    kgio (2.7.4)
    libwebsocket (0.1.5)
      addressable
    listen (0.5.3)
    lograge (0.0.6)
      actionpack
      activesupport
    lumberjack (1.0.2)
    mail (2.4.4)
      i18n (>= 0.4.0)
      mime-types (~> 1.16)
      treetop (~> 1.4.8)
    metaclass (0.0.1)
    method_source (0.8.1)
    metriks (0.9.9.2)
      atomic (~> 1.0)
      avl_tree (~> 1.1.2)
      hitimes (~> 1.1)
    mime-types (1.19)
    mocha (0.10.5)
      metaclass (~> 0.0.1)
    multi_json (1.3.7)
    multipart-post (1.1.5)
    net-http-persistent (2.8)
    net-http-pipeline (1.0.1)
    newrelic_rpm (3.3.5)
    nokogiri (1.5.5)
    oauth2 (0.6.1)
      faraday (~> 0.7)
      httpauth (~> 0.1)
      multi_json (~> 1.3)
    omniauth (1.1.1)
      hashie (~> 1.2)
      rack
    omniauth-github (1.0.1)
      omniauth (~> 1.0)
      omniauth-oauth2 (~> 1.0)
    omniauth-oauth2 (1.0.2)
      oauth2 (~> 0.6.0)
      omniauth (~> 1.0)
    orm_adapter (0.0.7)
    pg (0.13.2)
    polyglot (0.3.3)
    postmark (0.9.15)
      json
      rake
    postmark-rails (0.4.1)
      actionmailer
      postmark (>= 0.9.0)
      rake
    pry (0.9.10)
      coderay (~> 1.0.5)
      method_source (~> 0.8)
      slop (~> 3.3.1)
    pusher (0.9.4)
      multi_json (~> 1.0)
      signature (~> 0.1.2)
    rack (1.4.1)
    rack-cache (1.2)
      rack (>= 0.4)
    rack-ssl (1.3.2)
      rack
    rack-test (0.6.2)
      rack (>= 1.0)
    rails (3.2.8)
      actionmailer (= 3.2.8)
      actionpack (= 3.2.8)
      activerecord (= 3.2.8)
      activeresource (= 3.2.8)
      activesupport (= 3.2.8)
      bundler (~> 1.0)
      railties (= 3.2.8)
    railties (3.2.8)
      actionpack (= 3.2.8)
      activesupport (= 3.2.8)
      rack-ssl (~> 1.3.2)
      rake (>= 0.8.7)
      rdoc (~> 3.4)
      thor (>= 0.14.6, < 2.0)
    raindrops (0.10.0)
    rake (0.9.2.2)
    rb-fsevent (0.9.2)
    rdoc (3.12)
      json (~> 1.4)
    redis (3.0.2)
    redis-namespace (1.2.1)
      redis (~> 3.0.0)
    refraction (0.2.0)
    rollout (1.1.0)
    rspec (2.10.0)
      rspec-core (~> 2.10.0)
      rspec-expectations (~> 2.10.0)
      rspec-mocks (~> 2.10.0)
    rspec-core (2.10.1)
    rspec-expectations (2.10.0)
      diff-lcs (~> 1.1.3)
    rspec-mocks (2.10.1)
    rspec-rails (2.10.1)
      actionpack (>= 3.0)
      activesupport (>= 3.0)
      railties (>= 3.0)
      rspec (~> 2.10.0)
    rubyzip (0.9.9)
    sass (3.2.2)
    selenium-webdriver (2.26.0)
      childprocess (>= 0.2.5)
      libwebsocket (~> 0.1.3)
      multi_json (~> 1.0)
      rubyzip
    sentry-raven (0.3)
      faraday (~> 0.8.0.rc2)
      hashie
      multi_json (~> 1.0)
      uuidtools
    sidekiq (2.5.1)
      celluloid (~> 0.12.0)
      compass
      connection_pool (~> 0.9.2)
      multi_json (~> 1)
      redis (~> 3)
      redis-namespace
      sass
      sprockets-sass
    signature (0.1.4)
    simple_states (0.1.1)
      activesupport
      hashr (~> 0.0.10)
    slop (3.3.3)
    sprockets (2.1.3)
      hike (~> 1.2)
      rack (~> 1.0)
      tilt (~> 1.1, != 1.3.0)
    sprockets-sass (0.9.1)
      sprockets (~> 2.0)
      tilt (~> 1.1)
    term-ansicolor (1.0.7)
    thin (1.3.1)
      daemons (>= 1.0.9)
      eventmachine (>= 0.12.6)
      rack (>= 1.0.0)
    thor (0.14.6)
    tilt (1.3.3)
    timers (1.0.1)
    treetop (1.4.12)
      polyglot
      polyglot (>= 0.3.1)
    tzinfo (0.3.35)
    unicorn (4.1.1)
      kgio (~> 2.4)
      rack
      raindrops (~> 0.6)
    unobtrusive_flash (0.0.2)
    uuidtools (2.1.3)
    versionist (0.2.4)
      rails (~> 3.0)
      yard (~> 0.7)
    warden (1.1.1)
      rack (>= 1.0)
    webmock (1.7.10)
      addressable (~> 2.2, > 2.2.5)
      crack (>= 0.1.7)
    xpath (0.1.4)
      nokogiri (~> 1.3)
    yajl-ruby (1.1.0)
    yard (0.8.3)

PLATFORMS
  ruby

DEPENDENCIES
  backports (~> 2.3.0)
  bunny
  capybara (~> 1.1.2)
  coffee-script
  compass
  database_cleaner (~> 0.7.0)
  devise (~> 2.0.4)
  execjs (= 1.3.0)
  factory_girl (~> 2.4.0)
  foreman (~> 0.36.0)
  forgery (~> 0.5.0)
  gh!
  guard
  guard-rspec
  http_accept_language (~> 1.0.2)
  hubble!
  json (~> 1.6.3)
  lograge (~> 0.0.4)
  mocha (~> 0.10.0)
  newrelic_rpm (~> 3.3.0)
  oauth2 (= 0.6.1)
  omniauth-github (= 1.0.1)
  omniauth-oauth2 (= 1.0.2)
  pg (~> 0.13.2)
  rack-contrib!
  rack-ssl
  rails (~> 3.2.3)
  rake (~> 0.9.2.2)
  rake-pipeline!
  rake-pipeline-web-filters!
  rb-fsevent
  refraction (~> 0.2.0)
  rspec-rails (~> 2.10.0)
  thin (~> 1.3.1)
  travis-assets!
  travis-core!
  travis-sidekiqs!
  travis-support!
  unicorn (~> 4.1.1)
  unobtrusive_flash (~> 0.0.2)
  versionist (~> 0.2.0)
  webmock (~> 1.7.7)
  yajl-ruby (~> 1.1.0)
